PATH
  remote: unistats
  specs:
    unistats (1.0.1)
      httparty

GEM
  remote: https://rubygems.org/
  specs:
    actioncable (5.0.1)
      actionpack (= 5.0.1)
      nio4r (~> 1.2)
      websocket-driver (~> 0.6.1)
    actionmailer (5.0.1)
      actionpack (= 5.0.1)
      actionview (= 5.0.1)
      activejob (= 5.0.1)
      mail (~> 2.5, >= 2.5.4)
      rails-dom-testing (~> 2.0)
    actionpack (5.0.1)
      actionview (= 5.0.1)
      activesupport (= 5.0.1)
      rack (~> 2.0)
      rack-test (~> 0.6.3)
      rails-dom-testing (~> 2.0)
      rails-html-sanitizer (~> 1.0, >= 1.0.2)
    actionview (5.0.1)
      activesupport (= 5.0.1)
      builder (~> 3.1)
      erubis (~> 2.7.0)
      rails-dom-testing (~> 2.0)
      rails-html-sanitizer (~> 1.0, >= 1.0.2)
    activejob (5.0.1)
      activesupport (= 5.0.1)
      globalid (>= 0.3.6)
    activemodel (5.0.1)
      activesupport (= 5.0.1)
    activerecord (5.0.1)
      activemodel (= 5.0.1)
      activesupport (= 5.0.1)
      arel (~> 7.0)
    activesupport (5.0.1)
      concurrent-ruby (~> 1.0, >= 1.0.2)
      i18n (~> 0.7)
      minitest (~> 5.1)
      tzinfo (~> 1.1)
    acts_as_tree (2.6.1)
      activerecord (>= 3.0.0)
    addressable (2.5.0)
      public_suffix (~> 2.0, >= 2.0.2)
    ancestry (2.2.2)
      activerecord (>= 3.0.0)
    archive-zip (0.7.0)
      io-like (~> 0.3.0)
    arel (7.1.4)
    autoprefixer-rails (6.7.0)
      execjs
    bcrypt (3.1.11)
    bootstrap (4.0.0.alpha6)
      autoprefixer-rails (>= 6.0.3)
      sass (>= 3.4.19)
    builder (3.2.3)
    byebug (9.0.6)
    capybara (2.13.0)
      addressable
      mime-types (>= 1.16)
      nokogiri (>= 1.3.3)
      rack (>= 1.0.0)
      rack-test (>= 0.5.4)
      xpath (~> 2.0)
    carrierwave (1.0.0)
      activemodel (>= 4.0.0)
      activesupport (>= 4.0.0)
      mime-types (>= 1.16)
    childprocess (0.6.2)
      ffi (~> 1.0, >= 1.0.11)
    chromedriver-helper (1.0.0)
      archive-zip (~> 0.7.0)
      nokogiri (~> 1.6)
    cliver (0.3.2)
    coffee-rails (4.2.1)
      coffee-script (>= 2.2.0)
      railties (>= 4.0.0, < 5.2.x)
    coffee-script (2.4.1)
      coffee-script-source
      execjs
    coffee-script-source (1.12.2)
    concurrent-ruby (1.0.4)
    debug_inspector (0.0.2)
    devise (4.2.0)
      bcrypt (~> 3.0)
      orm_adapter (~> 0.1)
      railties (>= 4.1.0, < 5.1)
      responders
      warden (~> 1.2.3)
    domain_name (0.5.20170223)
      unf (>= 0.0.5, < 1.0.0)
    erubis (2.7.0)
    excon (0.55.0)
    execjs (2.7.0)
    faraday (0.11.0)
      multipart-post (>= 1.2, < 3)
    faraday-cookie_jar (0.0.6)
      faraday (>= 0.7.4)
      http-cookie (~> 1.0.0)
    faraday-encoding (0.0.4)
      faraday
    faraday-http-cache (2.0.0)
      faraday (~> 0.8)
    faraday_middleware (0.11.0.1)
      faraday (>= 0.7.4, < 1.0)
    fastimage (2.1.0)
    ffi (1.9.17)
    figaro (1.1.1)
      thor (~> 0.14)
    fog-aws (1.2.0)
      fog-core (~> 1.38)
      fog-json (~> 1.0)
      fog-xml (~> 0.1)
      ipaddress (~> 0.8)
    fog-core (1.43.0)
      builder
      excon (~> 0.49)
      formatador (~> 0.2)
    fog-json (1.0.2)
      fog-core (~> 1.0)
      multi_json (~> 1.10)
    fog-xml (0.1.2)
      fog-core
      nokogiri (~> 1.5, >= 1.5.11)
    font-awesome-rails (4.7.0.1)
      railties (>= 3.2, < 5.1)
    formatador (0.2.5)
    globalid (0.3.7)
      activesupport (>= 4.1.0)
    http-cookie (1.0.3)
      domain_name (~> 0.5)
    httparty (0.14.0)
      multi_xml (>= 0.5.2)
    httpclient (2.8.3)
    i18n (0.7.0)
    io-like (0.3.0)
    ipaddress (0.8.3)
    jbuilder (2.6.1)
      activesupport (>= 3.0.0, < 5.1)
      multi_json (~> 1.2)
    jquery-rails (4.2.2)
      rails-dom-testing (>= 1, < 3)
      railties (>= 4.2.0)
      thor (>= 0.14, < 2.0)
    kaminari (1.0.1)
      activesupport (>= 4.1.0)
      kaminari-actionview (= 1.0.1)
      kaminari-activerecord (= 1.0.1)
      kaminari-core (= 1.0.1)
    kaminari-actionview (1.0.1)
      actionview
      kaminari-core (= 1.0.1)
    kaminari-activerecord (1.0.1)
      activerecord
      kaminari-core (= 1.0.1)
    kaminari-core (1.0.1)
    launchy (2.4.3)
      addressable (~> 2.3)
    listen (3.0.8)
      rb-fsevent (~> 0.9, >= 0.9.4)
      rb-inotify (~> 0.9, >= 0.9.7)
    loofah (2.0.3)
      nokogiri (>= 1.5.9)
    mail (2.6.4)
      mime-types (>= 1.16, < 4)
    metainspector (5.4.1)
      addressable (~> 2.5)
      faraday (~> 0.11)
      faraday-cookie_jar (~> 0.0)
      faraday-encoding (~> 0.0)
      faraday-http-cache (~> 2.0)
      faraday_middleware (~> 0.11)
      fastimage (~> 2.1)
      nesty (~> 1.0)
      nokogiri (~> 1.7)
    method_source (0.8.2)
    mime-types (3.1)
      mime-types-data (~> 3.2015)
    mime-types-data (3.2016.0521)
    mini_magick (4.6.1)
    mini_portile2 (2.1.0)
    minitest (5.10.1)
    multi_json (1.12.1)
    multi_xml (0.6.0)
    multipart-post (2.0.0)
    nesty (1.0.2)
    nio4r (1.2.1)
    nokogiri (1.7.0.1)
      mini_portile2 (~> 2.1.0)
    orm_adapter (0.5.0)
    pg (0.19.0)
    poltergeist (1.14.0)
      capybara (~> 2.1)
      cliver (~> 0.3.1)
      websocket-driver (>= 0.2.0)
    power_assert (1.0.1)
    pr_geohash (1.0.0)
    public_suffix (2.0.5)
    puma (3.6.2)
    rack (2.0.1)
    rack-test (0.6.3)
      rack (>= 1.0)
    rails (5.0.1)
      actioncable (= 5.0.1)
      actionmailer (= 5.0.1)
      actionpack (= 5.0.1)
      actionview (= 5.0.1)
      activejob (= 5.0.1)
      activemodel (= 5.0.1)
      activerecord (= 5.0.1)
      activesupport (= 5.0.1)
      bundler (>= 1.3.0, < 2.0)
      railties (= 5.0.1)
      sprockets-rails (>= 2.0.0)
    rails-assets-tether (1.1.1)
    rails-dom-testing (2.0.2)
      activesupport (>= 4.2.0, < 6.0)
      nokogiri (~> 1.6)
    rails-html-sanitizer (1.0.3)
      loofah (~> 2.0)
    railties (5.0.1)
      actionpack (= 5.0.1)
      activesupport (= 5.0.1)
      method_source
      rake (>= 0.8.7)
      thor (>= 0.18.1, < 2.0)
    rake (12.0.0)
    rb-fsevent (0.9.8)
    rb-inotify (0.9.7)
      ffi (>= 0.5.0)
    responders (2.3.0)
      railties (>= 4.2.0, < 5.1)
    roo (2.7.1)
      nokogiri (~> 1)
      rubyzip (~> 1.1, < 2.0.0)
    rsolr (1.0.13)
      builder (>= 2.1.2)
    rubyzip (1.2.0)
    sass (3.4.23)
    sass-rails (5.0.6)
      railties (>= 4.0.0, < 6)
      sass (~> 3.1)
      sprockets (>= 2.8, < 4.0)
      sprockets-rails (>= 2.0, < 4.0)
      tilt (>= 1.1, < 3)
    selenium-webdriver (3.3.0)
      childprocess (~> 0.5)
      rubyzip (~> 1.0)
      websocket (~> 1.0)
    spring (2.0.1)
      activesupport (>= 4.2)
    spring-watcher-listen (2.0.1)
      listen (>= 2.7, < 4.0)
      spring (>= 1.2, < 3.0)
    sprockets (3.7.1)
      concurrent-ruby (~> 1.0)
      rack (> 1, < 3)
    sprockets-rails (3.2.0)
      actionpack (>= 4.0)
      activesupport (>= 4.0)
      sprockets (>= 3.0.0)
    sunspot (1.3.3)
      pr_geohash (~> 1.0)
      rsolr (~> 1.0.7)
    sunspot_rails (1.3.3)
      nokogiri
      sunspot (= 1.3.3)
    sunspot_solr (2.2.7)
    test-unit (3.2.3)
      power_assert
    thor (0.19.4)
    thread_safe (0.3.5)
    tilt (2.0.5)
    turbolinks (5.0.1)
      turbolinks-source (~> 5)
    turbolinks-source (5.0.0)
    tzinfo (1.2.2)
      thread_safe (~> 0.1)
    uglifier (3.0.4)
      execjs (>= 0.3.0, < 3)
    unf (0.1.4)
      unf_ext
    unf_ext (0.0.7.2)
    warden (1.2.7)
      rack (>= 1.0)
    watir (6.2.0)
      selenium-webdriver (~> 3.0)
    web-console (3.4.0)
      actionview (>= 5.0)
      activemodel (>= 5.0)
      debug_inspector
      railties (>= 5.0)
    websocket (1.2.4)
    websocket-driver (0.6.4)
      websocket-extensions (>= 0.1.0)
    websocket-extensions (0.1.2)
    wikipedia-client (1.6.3)
    xpath (2.0.0)
      nokogiri (~> 1.3)

PLATFORMS
  ruby

DEPENDENCIES
  acts_as_tree
  ancestry
  bootstrap
  byebug
  capybara
  carrierwave
  chromedriver-helper
  coffee-rails (~> 4.2)
  devise
  figaro
  fog-aws
  font-awesome-rails
  httpclient
  jbuilder (~> 2.5)
  jquery-rails
  kaminari
  launchy
  listen (~> 3.0.5)
  metainspector
  mini_magick
  nokogiri
  pg (~> 0.18)
  poltergeist
  puma (~> 3.0)
  rails (~> 5.0.1)
  rails-assets-tether
  roo
  sass-rails (~> 5.0)
  spring
  spring-watcher-listen (~> 2.0.0)
  sunspot_rails (~> 1.3.0)
  sunspot_solr
  test-unit
  turbolinks (~> 5)
  tzinfo-data
  uglifier (>= 1.3.0)
  unistats!
  watir
  web-console (>= 3.3.0)
  wikipedia-client

RUBY VERSION
   ruby 2.3.3p222

BUNDLED WITH
   1.14.6
